GIT
  remote: https://github.com/georgi/rack_dav.git
  revision: 72fc220ed0235811f4560467d9e66f4864e3ccbf
  specs:
    rack_dav (0.2.dev)
      nokogiri
      rack (~> 1.2.0)

GEM
  remote: http://rubygems.org/
  specs:
    daemons (1.1.4)
    eventmachine (0.12.10)
    mini_portile2 (2.5.1)
    nokogiri (1.11.5)
      mini_portile2 (~> 2.5.0)
      racc (~> 1.4)
    racc (1.5.2)
    rack (1.2.4)
    thin (1.2.11)
      daemons (>= 1.0.9)
      eventmachine (>= 0.12.6)
      rack (>= 1.0.0)

PLATFORMS
  ruby

DEPENDENCIES
  rack
  rack_dav!
  thin
